GEM
  remote: https://rubygems.org/
  specs:
	pmeth (1.1.0)
	pdist (1.0.0)
	bio (1.4.3.0001)
	bio-samtools (2.0.4)
	rinruby (2.0.3)
    diff-lcs (1.2.5)

PLATFORMS
  ruby

DEPENDENCIES
  pmeth 
  pdist
  bio
  bio-samtools
  rinruby
  diff-lcs
